GEM
  remote: https://rubygems.org/
  specs:
    builder (3.2.3)
    mini_portile2 (2.5.0)
    mustermann (1.0.3)
    nokogiri (1.11.0.rc4)
      mini_portile2 (~> 2.5.0)
      racc (~> 1.4)
    nori (2.6.0)
    racc (1.5.2)
    rack (2.2.6.2)
    rack-protection (2.0.5)
      rack
    sinatra (2.0.5)
      mustermann (~> 1.0)
      rack (~> 2.0)
      rack-protection (= 2.0.5)
      tilt (~> 2.0)
    sinatra-soap (0.1.7)
      nokogiri
      nori (>= 2.0.0)
      sinatra
    tilt (2.0.9)

PLATFORMS
  ruby

DEPENDENCIES
  builder
  nokogiri (>= 1.11.0.rc4)
  sinatra
  sinatra-soap

RUBY VERSION
   ruby 2.6.6p146

BUNDLED WITH
   2.2.4
