GEM
  remote: https://rubygems.org/
  specs:
    builder (3.2.3)
    mini_portile2 (2.4.0)
    mustermann (1.0.3)
    nokogiri (1.10.4)
      mini_portile2 (~> 2.4.0)
    nori (2.6.0)
    rack (2.0.6)
    rack-protection (2.0.4)
      rack
    sinatra (2.0.4)
      mustermann (~> 1.0)
      rack (~> 2.0)
      rack-protection (= 2.0.4)
      tilt (~> 2.0)
    sinatra-soap (0.1.7)
      nokogiri
      nori (>= 2.0.0)
      sinatra
    tilt (2.0.9)

PLATFORMS
  ruby

DEPENDENCIES
  builder
  sinatra
  sinatra-soap

RUBY VERSION
   ruby 2.6.3p62

BUNDLED WITH
   2.0.1
